GEM
  remote: https://rubygems.org/
  specs:
    pg (1.2.3)

PLATFORMS
  arm64-darwin-20

DEPENDENCIES
  pg

RUBY VERSION
   ruby 2.7.2p137

BUNDLED WITH
   2.2.27
